GEM
  remote: https://rubygems.org/
  specs:
    byebug (9.0.5)
    curses (1.0.2)
    diff-lcs (1.2.5)
    dispel (0.0.7)
      curses
    rspec (3.5.0)
      rspec-core (~> 3.5.0)
      rspec-expectations (~> 3.5.0)
      rspec-mocks (~> 3.5.0)
    rspec-core (3.5.3)
      rspec-support (~> 3.5.0)
    rspec-expectations (3.5.0)
      diff-lcs (>= 1.2.0, < 2.0)
      rspec-support (~> 3.5.0)
    rspec-mocks (3.5.0)
      diff-lcs (>= 1.2.0, < 2.0)
      rspec-support (~> 3.5.0)
    rspec-support (3.5.0)
    ruby-prof (0.16.2)

PLATFORMS
  ruby

DEPENDENCIES
  byebug
  dispel
  rspec
  ruby-prof

BUNDLED WITH
   1.13.1
